GEM
  remote: http://rubygems.org/
  specs:
    cli (1.1.1)
    daemon (1.1.0)
    diff-lcs (1.1.3)
    git (1.2.5)
    httpclient (2.2.7)
    jeweler (1.8.4)
      bundler (~> 1.0)
      git (>= 1.2.5)
      rake
      rdoc
    json (1.7.5)
    puma (1.6.2)
      rack (~> 1.2)
    rack (1.4.1)
    rake (0.9.2.2)
    rdoc (3.12)
      json (~> 1.4)
    reek (1.2.12)
      ripper_ruby_parser (~> 0.0.7)
      ruby2ruby (~> 1.2.5)
      ruby_parser (~> 2.0)
      sexp_processor (~> 3.0)
    ripper_ruby_parser (0.0.8)
      sexp_processor (~> 3.0)
    roodi (2.1.0)
      ruby_parser
    rspec (2.11.0)
      rspec-core (~> 2.11.0)
      rspec-expectations (~> 2.11.0)
      rspec-mocks (~> 2.11.0)
    rspec-core (2.11.1)
    rspec-expectations (2.11.2)
      diff-lcs (~> 1.1.3)
    rspec-mocks (2.11.2)
    ruby2ruby (1.2.5)
      ruby_parser (~> 2.0)
      sexp_processor (~> 3.0)
    ruby_parser (2.3.1)
      sexp_processor (~> 3.0)
    sexp_processor (3.2.0)
    tty-process-ctl (0.3.0)

PLATFORMS
  ruby

DEPENDENCIES
  bundler (~> 1.1)
  cli (~> 1.1)
  daemon (~> 1)
  httpclient (>= 2.2)
  jeweler (~> 1.6)
  puma (~> 1.6)
  reek (~> 1.2)
  roodi (~> 2.1)
  rspec (~> 2.3)
  tty-process-ctl (~> 0.3)
