GEM
  remote: http://rubygems.org/
  specs:
    cli (1.1.0)
    daemon (1.1.0)
    diff-lcs (1.1.3)
    git (1.2.5)
    httpclient (2.2.1)
    jeweler (1.6.4)
      bundler (~> 1.0)
      git (>= 1.2.5)
      rake
    puma (1.6.2)
      rack (~> 1.2)
    rack (1.4.1)
    rake (0.9.2)
    rspec (2.3.0)
      rspec-core (~> 2.3.0)
      rspec-expectations (~> 2.3.0)
      rspec-mocks (~> 2.3.0)
    rspec-core (2.3.1)
    rspec-expectations (2.3.0)
      diff-lcs (~> 1.1.2)
    rspec-mocks (2.3.0)

PLATFORMS
  ruby

DEPENDENCIES
  bundler (~> 1.1)
  cli (~> 1.1)
  daemon (~> 1)
  httpclient (>= 2.2)
  jeweler (~> 1.6)
  puma (~> 1.6)
  rspec (~> 2.3)
